GEM
  remote: https://rubygems.org/
  specs:
    cgi (0.3.2)
    diff-lcs (1.5.0)
    erb (2.2.3)
      cgi
    haml (5.2.2)
      temple (>= 0.8.0)
      tilt
    rspec (3.11.0)
      rspec-core (~> 3.11.0)
      rspec-expectations (~> 3.11.0)
      rspec-mocks (~> 3.11.0)
    rspec-core (3.11.0)
      rspec-support (~> 3.11.0)
    rspec-expectations (3.11.0)
      diff-lcs (>= 1.2.0, < 2.0)
      rspec-support (~> 3.11.0)
    rspec-its (1.3.0)
      rspec-core (>= 3.0.0)
      rspec-expectations (>= 3.0.0)
    rspec-mocks (3.11.1)
      diff-lcs (>= 1.2.0, < 2.0)
      rspec-support (~> 3.11.0)
    rspec-support (3.11.0)
    slim (4.1.0)
      temple (>= 0.7.6, < 0.9)
      tilt (>= 2.0.6, < 2.1)
    temple (0.8.2)
    tilt (2.0.10)

PLATFORMS
  ruby

DEPENDENCIES
  erb (~> 2.2)
  haml (~> 5.2)
  rspec (~> 3.11.0)
  rspec-its
  slim (~> 4.1)

BUNDLED WITH
   2.3.7
